PATH
  remote: .
  specs:
    rspec-yeelight (0.1.0)
      rspec-core (= 3.7.1)
      yeelight-lamp-client

GEM
  remote: https://rubygems.org/
  specs:
    minitest (5.11.1)
    rake (10.5.0)
    rspec-core (3.7.1)
      rspec-support (~> 3.7.0)
    rspec-support (3.7.0)
    yeelight-lamp-client (0.1.0)

PLATFORMS
  ruby

DEPENDENCIES
  bundler (~> 1.16)
  minitest (~> 5.0)
  rake (~> 10.0)
  rspec-yeelight!

BUNDLED WITH
   1.16.0
